GEM
  remote: https://rubygems.org/
  specs:
    ast (2.4.1)
    engtagger (0.2.1)
    mini_portile2 (2.4.0)
    multi_json (1.15.0)
    mustermann (2.0.2)
      ruby2_keywords (~> 0.0.1)
    nokogiri (1.10.10)
      mini_portile2 (~> 2.4.0)
    opal (1.0.3)
      ast (>= 2.3.0)
      parser (~> 2.6)
    parser (2.7.1.4)
      ast (~> 2.4.1)
    rack (2.2.4)
    rack-protection (2.2.3)
      rack
    ruby2_keywords (0.0.5)
    ruby_rhymes (0.1.2)
    sinatra (2.2.3)
      mustermann (~> 2.0)
      rack (~> 2.2)
      rack-protection (= 2.2.3)
      tilt (~> 2.0)
    sinatra-contrib (2.2.3)
      multi_json
      mustermann (~> 2.0)
      rack-protection (= 2.2.3)
      sinatra (= 2.2.3)
      tilt (~> 2.0)
    tilt (2.0.11)

PLATFORMS
  ruby

DEPENDENCIES
  engtagger
  nokogiri
  opal
  ruby_rhymes
  sinatra
  sinatra-contrib

BUNDLED WITH
   2.1.2
